GEM
  remote: https://rubygems.org/
  specs:
    rack (2.2.3)
    webrick (1.7.0)

PLATFORMS
  arm64-darwin-21

DEPENDENCIES
  rack (~> 2.0)
  webrick

BUNDLED WITH
   2.3.10
